GIT
  remote: https://github.com/thoughtbot/capybara-webkit.git
  revision: 77fdac424cd6fdb5aa266b229a888cc58da8e95e
  specs:
    capybara-webkit (1.15.1)
      capybara (>= 2.3, < 4.0)
      json

GEM
  remote: https://rubygems.org/
  specs:
    activesupport (5.2.3)
      concurrent-ruby (~> 1.0, >= 1.0.2)
      i18n (>= 0.7, < 2)
      minitest (~> 5.1)
      tzinfo (~> 1.1)
    addressable (2.6.0)
      public_suffix (>= 2.0.2, < 4.0)
    ast (2.4.0)
    backports (3.15.0)
    bcrypt (3.1.13)
    builder (3.2.3)
    capybara (3.28.0)
      addressable
      mini_mime (>= 0.1.3)
      nokogiri (~> 1.8)
      rack (>= 1.6.0)
      rack-test (>= 0.6.3)
      regexp_parser (~> 1.5)
      xpath (~> 3.2)
    coffee-script (2.4.1)
      coffee-script-source
      execjs
    coffee-script-source (1.12.2)
    concurrent-ruby (1.1.5)
    cucumber (3.1.2)
      builder (>= 2.1.2)
      cucumber-core (~> 3.2.0)
      cucumber-expressions (~> 6.0.1)
      cucumber-wire (~> 0.0.1)
      diff-lcs (~> 1.3)
      gherkin (~> 5.1.0)
      multi_json (>= 1.7.5, < 2.0)
      multi_test (>= 0.1.2)
    cucumber-core (3.2.1)
      backports (>= 3.8.0)
      cucumber-tag_expressions (~> 1.1.0)
      gherkin (~> 5.0)
    cucumber-expressions (6.0.1)
    cucumber-tag_expressions (1.1.1)
    cucumber-wire (0.0.1)
    database_cleaner (1.7.0)
    diff-lcs (1.3)
    docile (1.3.2)
    dotenv (2.7.5)
    dry-configurable (0.8.3)
      concurrent-ruby (~> 1.0)
      dry-core (~> 0.4, >= 0.4.7)
    dry-container (0.7.2)
      concurrent-ruby (~> 1.0)
      dry-configurable (~> 0.1, >= 0.1.3)
    dry-core (0.4.9)
      concurrent-ruby (~> 1.0)
    dry-equalizer (0.2.2)
    dry-inflector (0.1.2)
    dry-initializer (2.5.0)
    dry-logic (0.6.1)
      concurrent-ruby (~> 1.0)
      dry-core (~> 0.2)
      dry-equalizer (~> 0.2)
    dry-struct (0.4.0)
      dry-core (~> 0.4, >= 0.4.1)
      dry-equalizer (~> 0.2)
      dry-types (~> 0.12, >= 0.12.2)
      ice_nine (~> 0.11)
    dry-types (0.12.3)
      concurrent-ruby (~> 1.0)
      dry-configurable (~> 0.1)
      dry-container (~> 0.3)
      dry-core (~> 0.2, >= 0.2.1)
      dry-equalizer (~> 0.2)
      dry-logic (~> 0.4, >= 0.4.2)
      inflecto (~> 0.0.0, >= 0.0.2)
    erubis (2.7.0)
    execjs (2.7.0)
    fakefs (0.20.1)
    ffi (1.11.1)
    gherkin (5.1.0)
    i18n (1.6.0)
      concurrent-ruby (~> 1.0)
    ice_nine (0.11.2)
    inflecto (0.0.2)
    jaro_winkler (1.5.3)
    json (2.2.0)
    libv8 (3.16.14.19)
    mini_mime (1.0.2)
    mini_portile2 (2.4.0)
    minitest (5.11.3)
    multi_json (1.13.1)
    multi_test (0.1.2)
    mustermann (1.0.3)
    mysql2 (0.5.2)
    nio4r (2.5.2)
    nokogiri (1.10.4)
      mini_portile2 (~> 2.4.0)
    parallel (1.17.0)
    parser (2.6.3.0)
      ast (~> 2.4.0)
    public_suffix (3.1.1)
    puma (4.3.5)
      nio4r (~> 2.0)
    rack (2.0.7)
    rack-accept (0.4.5)
      rack (>= 0.4)
    rack-parser (0.7.0)
      rack
    rack-protection (2.0.7)
      rack
    rack-test (1.1.0)
      rack (>= 1.0, < 3)
    rainbow (3.0.0)
    rake (12.3.3)
    rb-fsevent (0.10.3)
    rb-inotify (0.10.0)
      ffi (~> 1.0)
    ref (2.0.0)
    regexp_parser (1.6.0)
    rom (4.2.1)
      rom-changeset (~> 1.0, >= 1.0.2)
      rom-core (~> 4.2, >= 4.2.1)
      rom-repository (~> 2.0, >= 2.0.2)
    rom-changeset (1.0.2)
      dry-core (~> 0.3, >= 0.3.1)
      rom-core (~> 4.0)
      transproc (~> 1.0)
    rom-core (4.2.1)
      concurrent-ruby (~> 1.0)
      dry-container (~> 0.6)
      dry-core (~> 0.3)
      dry-equalizer (~> 0.2)
      dry-inflector (~> 0.1)
      dry-initializer (~> 2.0)
      dry-types (~> 0.12.1)
      rom-mapper (~> 1.2, >= 1.2.1)
    rom-mapper (1.2.1)
      dry-core (~> 0.3, >= 0.3.1)
      dry-equalizer (~> 0.2)
      dry-struct (~> 0.4.0)
      dry-types (~> 0.12.1)
      transproc (~> 1.0)
    rom-repository (2.0.2)
      dry-core (~> 0.3)
      dry-initializer (~> 2.0)
      rom-core (~> 4.0)
    rom-sql (2.5.0)
      dry-core (~> 0.3)
      dry-equalizer (~> 0.2)
      dry-types (~> 0.12, >= 0.12.1)
      rom-core (~> 4.1)
      sequel (>= 4.49)
    rspec (3.8.0)
      rspec-core (~> 3.8.0)
      rspec-expectations (~> 3.8.0)
      rspec-mocks (~> 3.8.0)
    rspec-core (3.8.2)
      rspec-support (~> 3.8.0)
    rspec-expectations (3.8.4)
      diff-lcs (>= 1.2.0, < 2.0)
      rspec-support (~> 3.8.0)
    rspec-mocks (3.8.1)
      diff-lcs (>= 1.2.0, < 2.0)
      rspec-support (~> 3.8.0)
    rspec-support (3.8.2)
    rubocop (0.74.0)
      jaro_winkler (~> 1.5.1)
      parallel (~> 1.10)
      parser (>= 2.6)
      rainbow (>= 2.2.2, < 4.0)
      ruby-progressbar (~> 1.7)
      unicode-display_width (>= 1.4.0, < 1.7)
    ruby-prof (1.0.0)
    ruby-progressbar (1.10.1)
    sass (3.7.4)
      sass-listen (~> 4.0.0)
    sass-listen (4.0.0)
      rb-fsevent (~> 0.9, >= 0.9.4)
      rb-inotify (~> 0.9, >= 0.9.7)
    sequel (5.23.0)
    simplecov (0.17.0)
      docile (~> 1.1)
      json (>= 1.8, < 3)
      simplecov-html (~> 0.10.0)
    simplecov-html (0.10.2)
    sinatra (2.0.7)
      mustermann (~> 1.0)
      rack (~> 2.0)
      rack-protection (= 2.0.7)
      tilt (~> 2.0)
    sinatra-asset-pipeline (2.2.0)
      coffee-script (~> 2.4)
      rake (~> 12.3)
      sass (~> 3.5)
      sinatra (~> 2.0)
      sprockets (~> 3.7)
      sprockets-helpers (~> 1.2)
    sinatra-bouncer (1.2.0)
      sinatra
    sinatra-contrib (2.0.7)
      backports (>= 2.8.2)
      multi_json
      mustermann (~> 1.0)
      rack-protection (= 2.0.7)
      sinatra (= 2.0.7)
      tilt (~> 2.0)
    sinatra-partial (1.0.1)
      sinatra (>= 1.4)
    sprockets (3.7.2)
      concurrent-ruby (~> 1.0)
      rack (> 1, < 3)
    sprockets-helpers (1.2.1)
      sprockets (>= 2.2)
    therubyracer (0.12.3)
      libv8 (~> 3.16.14.15)
      ref
    thread_safe (0.3.6)
    tilt (2.0.9)
    timecop (0.9.1)
    transproc (1.1.0)
    turnout (2.5.0)
      i18n (>= 0.7, < 2)
      rack (>= 1.3, < 3)
      rack-accept (~> 0.4)
      tilt (>= 1.4, < 3)
    tzinfo (1.2.5)
      thread_safe (~> 0.1)
    uglifier (4.1.20)
      execjs (>= 0.3.0, < 3)
    unicode-display_width (1.6.0)
    warden (1.2.8)
      rack (>= 2.0.6)
    xpath (3.2.0)
      nokogiri (~> 1.8)

PLATFORMS
  ruby

DEPENDENCIES
  activesupport (~> 5.2)
  bcrypt (~> 3.1.13)
  capybara (~> 3.28)
  capybara-webkit (~> 1.15)!
  cucumber (~> 3.1)
  database_cleaner (~> 1.7)
  dotenv (~> 2.7.5)
  erubis (~> 2.7.0)
  fakefs (~> 0.20)
  mysql2 (~> 0.5.2)
  puma (~> 4.3)
  rack (~> 2.0.4)
  rack-parser (~> 0.7.0)
  rack-protection (~> 2.0.7)
  rake
  rom (~> 4.2.1)
  rom-mapper (~> 1.2.1)
  rom-sql (~> 2.5.0)
  rspec (~> 3.8)
  rubocop (~> 0.74)
  ruby-prof (~> 1.0.0)
  sass (~> 3.7.3)
  simplecov (~> 0.17)
  sinatra (~> 2.0.7)
  sinatra-asset-pipeline (~> 2.2.0)
  sinatra-bouncer (~> 1.2)
  sinatra-contrib (~> 2.0.7)
  sinatra-partial (~> 1.0.1)
  sprockets (~> 3.7.1)
  therubyracer (~> 0.12.3)
  tilt (~> 2.0)
  timecop (~> 0.9)
  turnout (~> 2.5)
  uglifier (~> 4.1.20)
  warden (~> 1.2.8)

BUNDLED WITH
   1.17.2
